GEM
  remote: http://rubygems.org/
  specs:
    classifier (1.3.3)
      fast-stemmer (>= 1.0.0)
    configuration (1.2.0)
    directory_watcher (1.4.0)
    fast-stemmer (1.0.0)
    grb (0.4.1)
    heroku (2.0.4)
      launchy (>= 0.3.2)
      rest-client (< 1.7.0, >= 1.4.0)
      term-ansicolor (~> 1.0.5)
    jekyll (0.10.0)
      classifier (>= 1.3.1)
      directory_watcher (>= 1.1.1)
      liquid (>= 1.9.0)
      maruku (>= 0.5.9)
    launchy (0.4.0)
      configuration (>= 0.0.5)
      rake (>= 0.8.1)
    liquid (2.2.2)
    maruku (0.6.0)
      syntax (>= 1.0.0)
    mime-types (1.16)
    rack (1.2.2)
    rack-jekyll (0.3.5)
      jekyll
      rack
    rake (0.8.7)
    rest-client (1.6.1)
      mime-types (>= 1.16)
    sinatra (1.2.3)
      rack (~> 1.1)
      tilt (< 2.0, >= 1.2.2)
    syntax (1.0.0)
    term-ansicolor (1.0.5)
    tilt (1.3)

PLATFORMS
  ruby

DEPENDENCIES
  grb
  heroku
  jekyll
  rack-jekyll (= 0.3.5)
  sinatra (= 1.2.3)
